GEM
  remote: https://rubygems.org/
  specs:
    csv (1.0.0)
    httparty (0.15.6)
      multi_xml (>= 0.5.2)
    mini_portile2 (2.3.0)
    minitest (5.11.1)
    multi_xml (0.6.0)
    nokogiri (1.8.1)
      mini_portile2 (~> 2.3.0)

PLATFORMS
  ruby

DEPENDENCIES
  csv
  httparty
  minitest
  nokogiri

BUNDLED WITH
   1.16.0
